GEM
  remote: https://rubygems.org/
  specs:
    ffi (1.9.10)
    jekyll-compose (0.3.0)
    jekyll-feed (0.3.1)
    jekyll-gist (1.3.5)
    jekyll-paginate (1.1.0)
    jekyll-watch (1.3.0)
      listen (~> 3.0)
    kramdown (1.9.0)
    listen (3.0.5)
      rb-fsevent (>= 0.9.3)
      rb-inotify (>= 0.9)
    rb-fsevent (0.9.6)
    rb-inotify (0.9.5)
      ffi (>= 0.5.0)
    rouge (1.10.1)

PLATFORMS
  ruby

DEPENDENCIES
  jekyll-compose
  jekyll-feed
  jekyll-gist
  jekyll-paginate
  jekyll-watch
  kramdown
  rouge

BUNDLED WITH
   1.11.2
